PATH
  remote: .
  specs:
    fast-mcp (1.1.0)

GEM
  remote: https://rubygems.org/
  specs:
    thor (1.3.2)

PLATFORMS
  arm64-darwin-24
  ruby

DEPENDENCIES
  fast-mcp (= 1.1.0)!
  thor

BUNDLED WITH
   2.6.2
